GEM
  remote: http://rubygems.org/
  specs:
    activesupport (3.2.12)
      i18n (~> 0.6)
      multi_json (~> 1.0)
    chunky_png (1.2.7)
    coffee-script (2.2.0)
      coffee-script-source
      execjs
    coffee-script-source (1.6.2)
    compass (0.12.2)
      chunky_png (~> 1.2)
      fssm (>= 0.2.7)
      sass (~> 3.1)
    daemons (1.1.9)
    eventmachine (1.0.3)
    execjs (1.4.0)
      multi_json (~> 1.0)
    ffi (1.5.0)
    fssm (0.2.10)
    haml (3.1.8)
    hike (1.2.1)
    i18n (0.6.4)
    listen (0.4.7)
      rb-fchange (~> 0.0.5)
      rb-fsevent (~> 0.9.1)
      rb-inotify (~> 0.8.8)
    middleman (3.0.0.beta.2)
      middleman-core (= 3.0.0.beta.2)
      middleman-more (= 3.0.0.beta.2)
    middleman-core (3.0.0.beta.2)
      activesupport (~> 3.2.0)
      bundler (~> 1.0)
      i18n (~> 0.6.0)
      listen (~> 0.4.1)
      rack (~> 1.4.0)
      rack-test (~> 0.6.1)
      thin (~> 1.3.1)
      thor (~> 0.14.0)
      tilt (~> 1.3.1)
    middleman-more (3.0.0.beta.2)
      coffee-script (~> 2.2.0)
      compass (~> 0.12.1)
      execjs (~> 1.2)
      haml (~> 3.1.0)
      middleman-core (= 3.0.0.beta.2)
      redcarpet (~> 2.1.0)
      sass (>= 3.1.7)
      sprockets (~> 2.1)
      sprockets-sass (~> 0.8.0)
      uglifier (~> 1.2.0)
    multi_json (1.7.2)
    rack (1.4.5)
    rack-test (0.6.2)
      rack (>= 1.0)
    rb-fchange (0.0.6)
      ffi
    rb-fsevent (0.9.3)
    rb-inotify (0.8.8)
      ffi (>= 0.5.0)
    redcarpet (2.1.1)
    sass (3.2.7)
    slim (1.3.6)
      temple (~> 0.5.5)
      tilt (~> 1.3.3)
    sprockets (2.9.0)
      hike (~> 1.2)
      multi_json (~> 1.0)
      rack (~> 1.0)
      tilt (~> 1.1, != 1.3.0)
    sprockets-sass (0.8.0)
      sprockets (~> 2.0)
      tilt (~> 1.1)
    temple (0.5.5)
    thin (1.3.1)
      daemons (>= 1.0.9)
      eventmachine (>= 0.12.6)
      rack (>= 1.0.0)
    thor (0.14.6)
    tilt (1.3.6)
    uglifier (1.2.7)
      execjs (>= 0.3.0)
      multi_json (~> 1.3)
    zurb-foundation (4.0.5)
      sass (>= 3.2.0)

PLATFORMS
  ruby

DEPENDENCIES
  middleman (= 3.0.0.beta.2)
  rb-inotify (= 0.8.8)
  slim (= 1.3.6)
  zurb-foundation (= 4.0.5)
